PATH
  remote: .
  specs:
    mold (0.0.1)
      sass (>= 3.2.0)
      thor

GEM
  remote: http://rubygems.org/
  specs:
    rake (10.1.0)
    sass (3.2.9)
    thor (0.18.1)

PLATFORMS
  ruby

DEPENDENCIES
  mold!
  rake
